GEM
  remote: http://rubygems.org/
  specs:
    abstract (1.0.0)
    actionpack (3.0.1)
      activemodel (= 3.0.1)
      activesupport (= 3.0.1)
      builder (~> 2.1.2)
      erubis (~> 2.6.6)
      i18n (~> 0.4.1)
      rack (~> 1.2.1)
      rack-mount (~> 0.6.12)
      rack-test (~> 0.5.4)
      tzinfo (~> 0.3.23)
    activemodel (3.0.1)
      activesupport (= 3.0.1)
      builder (~> 2.1.2)
      i18n (~> 0.4.1)
    activesupport (3.0.1)
    autotest (4.4.2)
    builder (2.1.2)
    erubis (2.6.6)
      abstract (>= 1.0.0)
    gemcutter (0.6.1)
    git (1.2.5)
    i18n (0.4.2)
    jeweler (1.4.0)
      gemcutter (>= 0.1.0)
      git (>= 1.2.5)
      rubyforge (>= 2.0.0)
    json_pure (1.4.6)
    rack (1.2.1)
    rack-mount (0.6.13)
      rack (>= 1.0.0)
    rack-test (0.5.6)
      rack (>= 1.0)
    railties (3.0.1)
      actionpack (= 3.0.1)
      activesupport (= 3.0.1)
      rake (>= 0.8.4)
      thor (~> 0.14.0)
    rake (0.8.7)
    rcov (0.9.9)
    rspec (1.3.1)
    rubyforge (2.0.4)
      json_pure (>= 1.1.7)
    sequel (3.11.0)
    thor (0.14.4)
    tzinfo (0.3.23)
    yard (0.6.1)

PLATFORMS
  ruby

DEPENDENCIES
  actionpack (~> 3.0.1)
  activesupport (~> 3.0.1)
  autotest
  jeweler (~> 1.4)
  railties (~> 3.0.1)
  rake (~> 0.8.7)
  rcov
  rspec (= 1.3.1)
  sequel (~> 3.11.0)
  yard (~> 0.5)
